PATH
  remote: .
  specs:
    legacy (0.1.0)
      sinatra (>= 2.0.0.beta2)

GEM
  remote: https://rubygems.org/
  specs:
    mustermann (1.0.0.beta2)
    rack (2.0.1)
    rack-protection (2.0.0.beta2)
      rack
    rake (10.5.0)
    sinatra (2.0.0.beta2)
      mustermann (= 1.0.0.beta2)
      rack (~> 2.0)
      rack-protection (= 2.0.0.beta2)
      tilt (~> 2.0)
    tilt (2.0.5)

PLATFORMS
  ruby

DEPENDENCIES
  bundler (~> 1.12)
  legacy!
  rake (~> 10.0)

BUNDLED WITH
   1.12.5
